GEM
  remote: https://rubygems.org/
  specs:
    activemodel (5.0.0.1)
      activesupport (= 5.0.0.1)
    activerecord (5.0.0.1)
      activemodel (= 5.0.0.1)
      activesupport (= 5.0.0.1)
      arel (~> 7.0)
    activesupport (5.0.0.1)
      concurrent-ruby (~> 1.0, >= 1.0.2)
      i18n (~> 0.7)
      minitest (~> 5.1)
      tzinfo (~> 1.1)
    arel (7.1.4)
    awesome_print (1.7.0)
    builder (3.2.2)
    chronic (0.10.2)
    concurrent-ruby (1.0.2)
    i18n (0.7.0)
    jwt (1.5.6)
    minitest (5.9.0)
    multi_json (1.12.1)
    pg (0.18.4)
    rake (11.2.2)
    sqlite3 (1.3.11)
    thread_safe (0.3.5)
    twilio-ruby (4.13.0)
      builder (>= 2.1.2)
      jwt (~> 1.0)
      multi_json (>= 1.3.0)
    tzinfo (1.2.2)
      thread_safe (~> 0.1)
    whenever (0.9.7)
      chronic (>= 0.6.3)

PLATFORMS
  ruby

DEPENDENCIES
  activerecord
  activesupport
  awesome_print
  pg
  rake
  sqlite3
  twilio-ruby
  whenever

BUNDLED WITH
   1.13.6
